PATH
  remote: .
  specs:
    pdf-labels (2.0.5)
      pdf-writer
      xml-mapping (= 0.8.1)

GEM
  remote: http://rubygems.org/
  specs:
    color (1.4.1)
    pdf-writer (1.1.8)
      color (>= 1.4.0)
      transaction-simple (~> 1.3)
    transaction-simple (1.4.0.2)
    xml-mapping (0.8.1)

PLATFORMS
  ruby

DEPENDENCIES
  pdf-labels!
